GEM
  remote: http://rubygems.org/
  specs:
    geocoder (1.1.0)
    rack (1.3.0)
    redis (2.1.1)
    sinatra (1.2.6)
      rack (~> 1.1)
      tilt (< 2.0, >= 1.2.2)
    tilt (1.3.2)

PLATFORMS
  ruby

DEPENDENCIES
  geocoder (= 1.1.0)
  redis (= 2.1.1)
  sinatra (= 1.2.6)
