GEM
  remote: https://rubygems.org/
  specs:
    geocoder (1.1.7)
    rack (1.5.2)
    rack-protection (1.5.0)
      rack
    rake (10.0.4)
    redis (2.1.1)
    sinatra (1.4.2)
      rack (~> 1.5, >= 1.5.2)
      rack-protection (~> 1.4)
      tilt (~> 1.3, >= 1.3.4)
    tilt (1.3.7)

PLATFORMS
  ruby

DEPENDENCIES
  geocoder (= 1.1.7)
  rake (= 10.0.4)
  redis (= 2.1.1)
  sinatra (= 1.4.2)
