GEM
  remote: http://rubygems.org/
  specs:
    geocoder (0.9.11)
    rack (1.2.2)
    redis (2.1.1)
    sinatra (1.2.0)
      rack (~> 1.1)
      tilt (< 2.0, >= 1.2.2)
    tilt (1.2.2)

PLATFORMS
  ruby

DEPENDENCIES
  geocoder (= 0.9.11)
  redis (= 2.1.1)
  sinatra (= 1.2.0)
