GEM
  remote: http://rubygems.org/
  specs:
    geocoder (0.9.10)
    rack (1.2.2)
    sinatra (1.2.0)
      rack (~> 1.1)
      tilt (>= 1.2.2, < 2.0)
    tilt (1.2.2)

PLATFORMS
  ruby

DEPENDENCIES
  geocoder (= 0.9.10)
  sinatra (= 1.2.0)
